GEM
  remote: https://rubygems.org/
  specs:
    slack-notifier (1.5.1)

PLATFORMS
  ruby

DEPENDENCIES
  slack-notifier
